GEM
  remote: https://rubygems.org/
  specs:
    awesome_print (1.7.0)
    coderay (1.1.1)
    method_source (0.8.2)
    network_interface (0.0.1)
    packetgen (1.4.2)
      network_interface
      pcaprub (~> 0.12.4)
      pry (~> 0.10)
    pcaprub (0.12.4)
    pry (0.10.4)
      coderay (~> 1.1.0)
      method_source (~> 0.8.1)
      slop (~> 3.4)
    slop (3.6.0)

PLATFORMS
  ruby

DEPENDENCIES
  awesome_print
  packetgen
  pry

RUBY VERSION
   ruby 2.3.1p112

BUNDLED WITH
   1.14.6
